GIT
  remote: git://github.com/mjhoy/ckeditor.git
  revision: fca24021e13d355f74c9538f9db27dc58687ce65
  branch: rails-4-compatibility
  specs:
    ckeditor (4.0.4)
      mime-types
      orm_adapter

GEM
  remote: https://rubygems.org/
  specs:
    actionmailer (4.0.0)
      actionpack (= 4.0.0)
      mail (~> 2.5.3)
    actionpack (4.0.0)
      activesupport (= 4.0.0)
      builder (~> 3.1.0)
      erubis (~> 2.7.0)
      rack (~> 1.5.2)
      rack-test (~> 0.6.2)
    activemodel (4.0.0)
      activesupport (= 4.0.0)
      builder (~> 3.1.0)
    activerecord (4.0.0)
      activemodel (= 4.0.0)
      activerecord-deprecated_finders (~> 1.0.2)
      activesupport (= 4.0.0)
      arel (~> 4.0.0)
    activerecord-deprecated_finders (1.0.3)
    activesupport (4.0.0)
      i18n (~> 0.6, >= 0.6.4)
      minitest (~> 4.2)
      multi_json (~> 1.3)
      thread_safe (~> 0.1)
      tzinfo (~> 0.3.37)
    addressable (2.3.5)
    ansi (1.4.3)
    arel (4.0.0)
    atomic (1.1.9)
    bcrypt-ruby (3.0.1)
    bootstrap-sass (2.3.2.0)
      sass (~> 3.2)
    builder (3.1.4)
    callsite (0.0.11)
    cancan (1.6.10)
    capybara (2.1.0)
      mime-types (>= 1.16)
      nokogiri (>= 1.3.3)
      rack (>= 1.0.0)
      rack-test (>= 0.5.4)
      xpath (~> 2.0)
    coffee-rails (4.0.0)
      coffee-script (>= 2.2.0)
      railties (>= 4.0.0.beta, < 5.0)
    coffee-script (2.2.0)
      coffee-script-source
      execjs
    coffee-script-source (1.6.2)
    daemons (1.1.9)
    database_cleaner (0.9.1)
    devise (3.0.0.rc)
      bcrypt-ruby (~> 3.0)
      orm_adapter (~> 0.1)
      railties (>= 3.2.6, < 5)
      warden (~> 1.2.1)
    diff-lcs (1.2.4)
    dotenv (0.8.0)
    erubis (2.7.0)
    eventmachine (1.0.3)
    exception_notification (4.0.0)
      actionmailer (>= 3.0.4)
      activesupport (>= 3.0.4)
    excon (0.25.1)
    execjs (1.4.0)
      multi_json (~> 1.0)
    factory_girl (4.2.0)
      activesupport (>= 3.0.0)
    factory_girl_rails (4.2.1)
      factory_girl (~> 4.2.0)
      railties (>= 3.0.0)
    fancybox2-rails (0.2.4)
      railties (>= 3.1.0)
    flickraw (0.9.6)
    font-awesome-rails (3.2.1.1)
      railties (>= 3.2, < 5.0)
    foreman (0.63.0)
      dotenv (>= 0.7)
      thor (>= 0.13.6)
    gibbon (1.0.0)
      httparty
      multi_json (>= 1.3.4)
    google-analytics-rails (0.0.4)
    haml (4.0.3)
      tilt
    hashr (0.0.22)
    heroku (2.39.4)
      heroku-api (~> 0.3.7)
      launchy (>= 0.3.2)
      netrc (~> 0.7.7)
      rest-client (~> 1.6.1)
      rubyzip
    heroku-api (0.3.13)
      excon (~> 0.25.0)
    hike (1.2.3)
    httparty (0.11.0)
      multi_json (~> 1.0)
      multi_xml (>= 0.5.2)
    i18n (0.6.4)
    jbuilder (1.4.2)
      activesupport (>= 3.0.0)
      multi_json (>= 1.2.0)
    jquery-rails (3.0.1)
      railties (>= 3.0, < 5.0)
      thor (>= 0.14, < 2.0)
    jquery-turbolinks (1.0.0)
      railties (>= 3.1.0)
      turbolinks
    jquery-ui-rails (4.0.3)
      jquery-rails
      railties (>= 3.1.0)
    json (1.8.0)
    kaminari (0.14.1)
      actionpack (>= 3.0.0)
      activesupport (>= 3.0.0)
    launchy (2.3.0)
      addressable (~> 2.3)
    libv8 (3.11.8.17)
    mail (2.5.4)
      mime-types (~> 1.16)
      treetop (~> 1.4.8)
    meta_request (0.2.7)
      callsite
      rack-contrib
      railties
    mime-types (1.23)
    mini_portile (0.5.0)
    minitest (4.7.5)
    multi_json (1.7.7)
    multi_xml (0.5.4)
    nested_form (0.3.2)
    netrc (0.7.7)
    nokogiri (1.6.0)
      mini_portile (~> 0.5.0)
    orm_adapter (0.4.0)
    pg (0.15.1)
    polyglot (0.3.3)
    rack (1.5.2)
    rack-contrib (1.1.0)
      rack (>= 0.9.1)
    rack-pjax (0.7.0)
      nokogiri (~> 1.5)
      rack (~> 1.3)
    rack-test (0.6.2)
      rack (>= 1.0)
    rails (4.0.0)
      actionmailer (= 4.0.0)
      actionpack (= 4.0.0)
      activerecord (= 4.0.0)
      activesupport (= 4.0.0)
      bundler (>= 1.3.0, < 2.0)
      railties (= 4.0.0)
      sprockets-rails (~> 2.0.0)
    rails_admin (0.5.0)
      bootstrap-sass (~> 2.3)
      builder (~> 3.1)
      coffee-rails (~> 4.0)
      font-awesome-rails (~> 3.0)
      haml (~> 4.0)
      jquery-rails (~> 3.0)
      jquery-ui-rails (~> 4.0)
      kaminari (~> 0.14)
      nested_form (~> 0.3)
      rack-pjax (~> 0.7)
      rails (~> 4.0.0)
      remotipart (~> 1.0)
      safe_yaml (~> 0.9)
      sass-rails (~> 4.0)
    railties (4.0.0)
      actionpack (= 4.0.0)
      activesupport (= 4.0.0)
      rake (>= 0.8.7)
      thor (>= 0.18.1, < 2.0)
    rake (10.1.0)
    rdoc (3.12.2)
      json (~> 1.4)
    ref (1.0.5)
    remotipart (1.0.5)
    rest-client (1.6.7)
      mime-types (>= 1.16)
    rspec-core (2.13.1)
    rspec-expectations (2.13.0)
      diff-lcs (>= 1.1.3, < 2.0)
    rspec-mocks (2.13.1)
    rspec-rails (2.13.2)
      actionpack (>= 3.0)
      activesupport (>= 3.0)
      railties (>= 3.0)
      rspec-core (~> 2.13.0)
      rspec-expectations (~> 2.13.0)
      rspec-mocks (~> 2.13.0)
    rubyzip (0.9.9)
    safe_yaml (0.9.3)
    sass (3.2.9)
    sass-rails (4.0.0)
      railties (>= 4.0.0.beta, < 5.0)
      sass (>= 3.1.10)
      sprockets-rails (~> 2.0.0)
    sdoc (0.3.20)
      json (>= 1.1.3)
      rdoc (~> 3.10)
    spork (0.9.2)
    sprockets (2.10.0)
      hike (~> 1.2)
      multi_json (~> 1.0)
      rack (~> 1.0)
      tilt (~> 1.1, != 1.3.0)
    sprockets-rails (2.0.0)
      actionpack (>= 3.0)
      activesupport (>= 3.0)
      sprockets (~> 2.8)
    sqlite3 (1.3.7)
    therubyracer (0.11.4)
      libv8 (~> 3.11.8.12)
      ref
    thin (1.5.1)
      daemons (>= 1.0.9)
      eventmachine (>= 0.12.6)
      rack (>= 1.0.0)
    thor (0.18.1)
    thread_safe (0.1.0)
      atomic
    tilt (1.4.1)
    tire (0.6.0)
      activemodel (>= 3.0)
      activesupport
      ansi
      hashr (~> 0.0.19)
      multi_json (~> 1.3)
      rake
      rest-client (~> 1.6)
    treetop (1.4.14)
      polyglot
      polyglot (>= 0.3.1)
    truncate_html (0.9.2)
    turbolinks (1.2.0)
      coffee-rails
    tzinfo (0.3.37)
    uglifier (2.1.1)
      execjs (>= 0.3.0)
      multi_json (~> 1.0, >= 1.0.2)
    warden (1.2.1)
      rack (>= 1.0)
    will_paginate (3.0.4)
    will_paginate-bootstrap (0.2.3)
      will_paginate (>= 3.0.3)
    xpath (2.0.0)
      nokogiri (~> 1.3)

PLATFORMS
  ruby

DEPENDENCIES
  bootstrap-sass (~> 2.3.2.0)
  cancan (~> 1.6.10)
  capybara (~> 2.1.0)
  ckeditor!
  coffee-rails (~> 4.0.0)
  database_cleaner (~> 0.9.1)
  devise (= 3.0.0.rc)
  exception_notification (~> 4.0.0)
  factory_girl_rails (~> 4.2.1)
  fancybox2-rails (~> 0.2.4)
  flickraw (~> 0.9.6)
  foreman (~> 0.63.0)
  gibbon (~> 1.0.0)
  google-analytics-rails (~> 0.0.4)
  heroku (~> 2.39.4)
  jbuilder (~> 1.2)
  jquery-rails
  jquery-turbolinks (~> 1.0.0)
  jquery-ui-rails (~> 4.0.3)
  meta_request (~> 0.2.3)
  nokogiri (~> 1.6.0)
  pg (~> 0.15.1)
  rails (= 4.0.0)
  rails_admin (~> 0.5.0)
  rspec-rails (~> 2.13.1)
  sass-rails (~> 4.0.0)
  sdoc
  spork (~> 0.9.2)
  sqlite3
  therubyracer
  thin (~> 1.5.1)
  tire (~> 0.6.0)
  truncate_html (~> 0.9.2)
  turbolinks
  uglifier (>= 1.3.0)
  will_paginate (~> 3.0.4)
  will_paginate-bootstrap (~> 0.2.3)
